PATH
  remote: .
  specs:
    rubycas-server (1.1.2)
      activerecord (~> 3.0.17)
      activesupport (~> 3.0.17)
      crypt-isaac (~> 0.9.1)
      sinatra (~> 1.0)
      sinatra-r18n (~> 1.1.0)

GEM
  remote: http://rubygems.org/
  specs:
    activemodel (3.0.17)
      activesupport (= 3.0.17)
      builder (~> 2.1.2)
      i18n (~> 0.5.0)
    activerecord (3.0.17)
      activemodel (= 3.0.17)
      activesupport (= 3.0.17)
      arel (~> 2.0.10)
      tzinfo (~> 0.3.23)
    activerecord-jdbc-adapter (1.2.2)
    activerecord-jdbcsqlite3-adapter (1.2.2)
      activerecord-jdbc-adapter (~> 1.2.2)
      jdbc-sqlite3 (~> 3.7.2)
    activeresource (3.0.17)
      activemodel (= 3.0.17)
      activesupport (= 3.0.17)
    activesupport (3.0.17)
    addressable (2.3.2)
    arel (2.0.10)
    blankslate (2.1.2.4)
    bouncy-castle-java (1.5.0146.1)
    builder (2.1.2)
    capybara (1.1.2)
      mime-types (>= 1.16)
      nokogiri (>= 1.3.3)
      rack (>= 1.0.0)
      rack-test (>= 0.5.4)
      selenium-webdriver (~> 2.0)
      xpath (~> 0.1.4)
    childprocess (0.3.5)
      ffi (~> 1.0, >= 1.0.6)
    clj (0.0.5.6)
    crypt-isaac (0.9.1)
    diff-lcs (1.1.3)
    ffi (1.1.5-java)
    i18n (0.5.0)
    jdbc-sqlite3 (3.7.2)
    jruby-openssl (0.7.7)
      bouncy-castle-java (>= 1.5.0146.1)
    json (1.7.5-java)
    libwebsocket (0.1.5)
      addressable
    mime-types (1.19)
    multi_json (1.3.6)
    net-ldap (0.1.1)
    nokogiri (1.5.5-java)
    r18n-core (1.1.1)
    rack (1.4.1)
    rack-protection (1.2.0)
      rack
    rack-test (0.6.2)
      rack (>= 1.0)
    rake (0.9.2.2)
    rspec (2.11.0)
      rspec-core (~> 2.11.0)
      rspec-expectations (~> 2.11.0)
      rspec-mocks (~> 2.11.0)
    rspec-core (2.11.1)
    rspec-expectations (2.11.3)
      diff-lcs (~> 1.1.3)
    rspec-mocks (2.11.3)
    rubyzip (0.9.9)
    selenium-webdriver (2.25.0)
      childprocess (>= 0.2.5)
      libwebsocket (~> 0.1.3)
      multi_json (~> 1.0)
      rubyzip
    sinatra (1.3.3)
      rack (~> 1.3, >= 1.3.6)
      rack-protection (~> 1.2)
      tilt (~> 1.3, >= 1.3.3)
    sinatra-r18n (1.1.1)
      r18n-core (= 1.1.1)
      sinatra (>= 1.3)
    thor (0.16.0)
    tilt (1.3.3)
    torquebox (2.1.2)
      thor (>= 0.14.6)
      torquebox-cache (= 2.1.2)
      torquebox-configure (= 2.1.2)
      torquebox-core (= 2.1.2)
      torquebox-messaging (= 2.1.2)
      torquebox-naming (= 2.1.2)
      torquebox-rake-support (= 2.1.2)
      torquebox-security (= 2.1.2)
      torquebox-stomp (= 2.1.2)
      torquebox-transactions (= 2.1.2)
      torquebox-web (= 2.1.2)
    torquebox-cache (2.1.2-java)
      torquebox-core (= 2.1.2)
      torquebox-transactions (= 2.1.2)
    torquebox-configure (2.1.2-java)
      blankslate (= 2.1.2.4)
    torquebox-core (2.1.2-java)
    torquebox-messaging (2.1.2-java)
      clj (= 0.0.5.6)
      torquebox-core (= 2.1.2)
      torquebox-transactions (= 2.1.2)
    torquebox-naming (2.1.2-java)
    torquebox-rake-support (2.1.2)
      rake (>= 0.8.7, < 1.0.0)
    torquebox-security (2.1.2-java)
      torquebox-core (= 2.1.2)
    torquebox-stomp (2.1.2)
      torquebox-core (= 2.1.2)
      torquebox-messaging (= 2.1.2)
    torquebox-transactions (2.1.2)
      torquebox-core (= 2.1.2)
    torquebox-web (2.1.2-java)
    torquespec (0.6.0)
      json
      rspec
    tzinfo (0.3.33)
    xpath (0.1.4)
      nokogiri (~> 1.3)

PLATFORMS
  java

DEPENDENCIES
  activerecord-jdbc-adapter (~> 1.2.1)
  activerecord-jdbcsqlite3-adapter (~> 1.2.1)
  activeresource (~> 3.0.17)
  capybara (= 1.1.2)
  jdbc-sqlite3
  jruby-openssl
  net-ldap (~> 0.1.1)
  rspec
  rspec-core
  rubycas-server!
  torquebox (~> 2.1.2)
  torquespec
