PATH
  remote: .
  specs:
    rubycas-server (1.1.2)
      activerecord (~> 2.3.14)
      activesupport (~> 2.3.14)
      crypt-isaac (~> 0.9.1)
      oj (~> 1.4.0)
      sinatra (~> 1.0)
      sinatra-r18n (~> 1.1.0)

GEM
  remote: http://rubygems.org/
  specs:
    activerecord (2.3.14)
      activesupport (= 2.3.14)
    activerecord-jdbc-adapter (1.2.2)
    activerecord-jdbcsqlite3-adapter (1.2.2)
      activerecord-jdbc-adapter (~> 1.2.2)
      jdbc-sqlite3 (~> 3.7.2)
    activeresource (2.3.14)
      activesupport (= 2.3.14)
    activesupport (2.3.14)
    addressable (2.3.2)
    bouncy-castle-java (1.5.0146.1)
    capybara (1.1.2)
      mime-types (>= 1.16)
      nokogiri (>= 1.3.3)
      rack (>= 1.0.0)
      rack-test (>= 0.5.4)
      selenium-webdriver (~> 2.0)
      xpath (~> 0.1.4)
    childprocess (0.3.5)
      ffi (~> 1.0, >= 1.0.6)
    crypt-isaac (0.9.1)
    diff-lcs (1.1.3)
    ffi (1.1.5-java)
    jdbc-sqlite3 (3.7.2)
    jruby-openssl (0.7.7)
      bouncy-castle-java (>= 1.5.0146.1)
    libwebsocket (0.1.5)
      addressable
    mime-types (1.19)
    multi_json (1.3.6)
    net-ldap (0.1.1)
    nokogiri (1.5.5-java)
    oj (1.4.0)
    r18n-core (1.1.1)
    rack (1.4.1)
    rack-protection (1.2.0)
      rack
    rack-test (0.6.2)
      rack (>= 1.0)
    rake (0.8.7)
    rspec (2.11.0)
      rspec-core (~> 2.11.0)
      rspec-expectations (~> 2.11.0)
      rspec-mocks (~> 2.11.0)
    rspec-core (2.11.1)
    rspec-expectations (2.11.3)
      diff-lcs (~> 1.1.3)
    rspec-mocks (2.11.3)
    rubyzip (0.9.9)
    selenium-webdriver (2.25.0)
      childprocess (>= 0.2.5)
      libwebsocket (~> 0.1.3)
      multi_json (~> 1.0)
      rubyzip
    sinatra (1.3.3)
      rack (~> 1.3, >= 1.3.6)
      rack-protection (~> 1.2)
      tilt (~> 1.3, >= 1.3.3)
    sinatra-r18n (1.1.1)
      r18n-core (= 1.1.1)
      sinatra (>= 1.3)
    tilt (1.3.3)
    xpath (0.1.4)
      nokogiri (~> 1.3)

PLATFORMS
  java

DEPENDENCIES
  activerecord-jdbc-adapter (~> 1.2.1)
  activerecord-jdbcsqlite3-adapter (~> 1.2.1)
  activeresource (~> 2.3.14)
  capybara (= 1.1.2)
  jdbc-sqlite3
  jruby-openssl
  net-ldap (~> 0.1.1)
  rack-test
  rake (= 0.8.7)
  rspec
  rspec-core
  rubycas-server!
